GEM
  remote: https://rubygems.org/
  specs:
    backports (3.8.0)
    feedbag (0.9.6)
      nokogiri (~> 1.0)
      open_uri_redirections (~> 0.2)
    haml (5.0.1)
      temple (>= 0.8.0)
      tilt
    kgio (2.11.0)
    mini_portile2 (2.3.0)
    multi_json (1.12.1)
    mustermann (1.0.0)
    nokogiri (1.8.1)
      mini_portile2 (~> 2.3.0)
    open_uri_redirections (0.2.1)
    rack (2.0.3)
    rack-protection (2.0.0)
      rack
    raindrops (0.18.0)
    sinatra (2.0.0)
      mustermann (~> 1.0)
      rack (~> 2.0)
      rack-protection (= 2.0.0)
      tilt (~> 2.0)
    sinatra-contrib (2.0.0)
      backports (>= 2.0)
      multi_json
      mustermann (~> 1.0)
      rack-protection (= 2.0.0)
      sinatra (= 2.0.0)
      tilt (>= 1.3, < 3)
    temple (0.8.0)
    tilt (2.0.8)
    unicorn (5.3.0)
      kgio (~> 2.6)
      raindrops (~> 0.7)

PLATFORMS
  ruby

DEPENDENCIES
  feedbag
  haml
  sinatra
  sinatra-contrib
  unicorn

RUBY VERSION
   ruby 2.4.2p198

BUNDLED WITH
   1.15.4
